GEM
  remote: https://rubygems.org/
  specs:
    ruby_figlet (0.6.1)

PLATFORMS
  ruby
  x86_64-linux

DEPENDENCIES
  ruby_figlet (~> 0.6.1)

BUNDLED WITH
   2.5.21
